GEM
  remote: http://rubygems.org/
  specs:
    chunky_png (1.2.0)
    compass (0.11.4)
      chunky_png (~> 1.2)
      fssm (>= 0.2.7)
      sass (~> 3.1)
    css_parser (1.1.9)
    fssm (0.2.7)
    sass (3.1.4)

PLATFORMS
  ruby

DEPENDENCIES
  compass (~> 0.11.4)
  css_parser (~> 1.1.9)
